GEM
  remote: https://rubygems.org/
  specs:
    albacore (2.3.16)
      map (~> 6.5)
      nokogiri (~> 1.5)
      rake (~> 10)
      semver2 (~> 3.4)
    map (6.5.5)
    mini_portile2 (2.4.0)
    nokogiri (1.10.3)
      mini_portile2 (~> 2.4.0)
    rake (10.4.2)
    semver2 (3.4.1)

PLATFORMS
  ruby

DEPENDENCIES
  albacore
